PATH
  remote: .
  specs:
    sidekiq_portal (0.1.1)
      activesupport (>= 4)
      fugit (~> 1.3)
      qonfig (~> 0.23)

GEM
  remote: https://rubygems.org/
  specs:
    activesupport (6.0.2.1)
      concurrent-ruby (~> 1.0, >= 1.0.2)
      i18n (>= 0.7, < 2)
      minitest (~> 5.1)
      tzinfo (~> 1.1)
      zeitwerk (~> 2.2)
    armitage-rubocop (0.78.0)
      rubocop (= 0.78.0)
      rubocop-performance (= 1.5.2)
      rubocop-rails (= 2.4.1)
      rubocop-rake (= 0.5.0)
      rubocop-rspec (= 1.37.1)
    ast (2.4.0)
    coderay (1.1.2)
    concurrent-ruby (1.1.5)
    connection_pool (2.2.2)
    diff-lcs (1.3)
    docile (1.3.2)
    et-orbi (1.2.2)
      tzinfo
    fugit (1.3.3)
      et-orbi (~> 1.1, >= 1.1.8)
      raabro (~> 1.1)
    i18n (1.7.0)
      concurrent-ruby (~> 1.0)
    jaro_winkler (1.5.4)
    json (2.3.0)
    method_source (0.9.2)
    minitest (5.13.0)
    parallel (1.19.1)
    parser (2.7.0.1)
      ast (~> 2.4.0)
    pry (0.12.2)
      coderay (~> 1.1.0)
      method_source (~> 0.9.0)
    qonfig (0.24.0)
    raabro (1.1.6)
    rack (2.0.8)
    rack-protection (2.0.8.1)
      rack
    rainbow (3.0.0)
    rake (13.0.1)
    redis (4.1.3)
    rspec (3.9.0)
      rspec-core (~> 3.9.0)
      rspec-expectations (~> 3.9.0)
      rspec-mocks (~> 3.9.0)
    rspec-core (3.9.1)
      rspec-support (~> 3.9.1)
    rspec-expectations (3.9.0)
      diff-lcs (>= 1.2.0, < 2.0)
      rspec-support (~> 3.9.0)
    rspec-mocks (3.9.1)
      diff-lcs (>= 1.2.0, < 2.0)
      rspec-support (~> 3.9.0)
    rspec-support (3.9.2)
    rubocop (0.78.0)
      jaro_winkler (~> 1.5.1)
      parallel (~> 1.10)
      parser (>= 2.6)
      rainbow (>= 2.2.2, < 4.0)
      ruby-progressbar (~> 1.7)
      unicode-display_width (>= 1.4.0, < 1.7)
    rubocop-performance (1.5.2)
      rubocop (>= 0.71.0)
    rubocop-rails (2.4.1)
      rack (>= 1.1)
      rubocop (>= 0.72.0)
    rubocop-rake (0.5.0)
      rubocop
    rubocop-rspec (1.37.1)
      rubocop (>= 0.68.1)
    ruby-progressbar (1.10.1)
    sidekiq (6.0.4)
      connection_pool (>= 2.2.2)
      rack (>= 2.0.0)
      rack-protection (>= 2.0.0)
      redis (>= 4.1.0)
    simplecov (0.17.1)
      docile (~> 1.1)
      json (>= 1.8, < 3)
      simplecov-html (~> 0.10.0)
    simplecov-html (0.10.2)
    thread_safe (0.3.6)
    timecop (0.9.1)
    tzinfo (1.2.6)
      thread_safe (~> 0.1)
    unicode-display_width (1.6.0)
    zeitwerk (2.2.2)

PLATFORMS
  ruby

DEPENDENCIES
  armitage-rubocop (~> 0.78)
  bundler
  pry
  rake
  rspec (~> 3.9.0)
  sidekiq (>= 5)
  sidekiq_portal!
  simplecov (~> 0.17.1)
  timecop (~> 0.9)

BUNDLED WITH
   2.1.2
